PATH
  remote: .
  specs:
    fishwife (1.5.2-java)
      rack (~> 1.5.2)
      rjack-jetty (>= 9.0.0.5, < 9.2)
      rjack-slf4j (~> 1.7.2)

GEM
  remote: https://rubygems.org/
  specs:
    diff-lcs (1.2.5)
    json (1.7.7-java)
    rack (1.5.2)
    rake (10.1.1)
    rdoc (4.0.1)
      json (~> 1.4)
    rjack-jetty (9.1.1.0-java)
    rjack-logback (1.6.1-java)
      rjack-slf4j (>= 1.6.5, < 1.8)
    rjack-maven (3.0.5.0-java)
    rjack-slf4j (1.7.5.0-java)
    rjack-tarpit (2.1.0-java)
      rake (>= 0.9.2.2, < 11)
      rdoc (>= 3.12, < 5)
      rjack-maven (~> 3.0.4)
    rspec (2.13.0)
      rspec-core (~> 2.13.0)
      rspec-expectations (~> 2.13.0)
      rspec-mocks (~> 2.13.0)
    rspec-core (2.13.1)
    rspec-expectations (2.13.0)
      diff-lcs (>= 1.1.3, < 2.0)
    rspec-mocks (2.13.1)

PLATFORMS
  java

DEPENDENCIES
  fishwife!
  json (~> 1.7.7)
  rjack-logback (~> 1.5)
  rjack-tarpit (~> 2.1)
  rspec (~> 2.13.0)
