PATH
  remote: .
  specs:
    fishwife (1.5.1-java)
      rack (~> 1.5.2)
      rjack-jetty (~> 9.0.0, >= 9.0.0.5)
      rjack-slf4j (~> 1.7.2)

GEM
  remote: https://rubygems.org/
  specs:
    bouncy-castle-java (1.5.0147)
    diff-lcs (1.2.4)
    jruby-openssl (0.8.8)
      bouncy-castle-java (>= 1.5.0147)
    json (1.7.7-java)
    rack (1.5.2)
    rake (10.0.4)
    rdoc (3.12.2)
      json (~> 1.4)
    rjack-jetty (9.0.3.0-java)
    rjack-logback (1.6.1-java)
      rjack-slf4j (>= 1.6.5, < 1.8)
    rjack-maven (3.0.4.0-java)
    rjack-slf4j (1.7.5.0-java)
    rjack-tarpit (2.0.2-java)
      jruby-openssl (~> 0.8.1)
      rake (>= 0.9.2.2, < 10.1)
      rdoc (~> 3.12)
      rjack-maven (~> 3.0.4)
    rspec (2.13.0)
      rspec-core (~> 2.13.0)
      rspec-expectations (~> 2.13.0)
      rspec-mocks (~> 2.13.0)
    rspec-core (2.13.1)
    rspec-expectations (2.13.0)
      diff-lcs (>= 1.1.3, < 2.0)
    rspec-mocks (2.13.1)

PLATFORMS
  java

DEPENDENCIES
  fishwife!
  json (~> 1.7.7)
  rjack-logback (~> 1.5)
  rjack-tarpit (~> 2.0)
  rspec (~> 2.13.0)
