PATH
  remote: .
  specs:
    fishwife (1.2.0-java)
      rack (~> 1.3.6)
      rjack-jetty (~> 7.5.0)
      rjack-slf4j (~> 1.6.1)

GEM
  remote: http://rubygems.org/
  specs:
    diff-lcs (1.1.3)
    json (1.6.4-java)
    rack (1.3.6)
    rake (0.9.2.2)
    rdoc (3.12)
      json (~> 1.4)
    rjack-jetty (7.5.4.0-java)
    rjack-logback (1.3.0-java)
      rjack-slf4j (~> 1.6.0)
    rjack-maven (3.0.3.1-java)
    rjack-slf4j (1.6.4.0-java)
    rjack-tarpit (2.0.0-java)
      rake (~> 0.9.2)
      rdoc (~> 3.6)
      rjack-maven (~> 3.0)
    rspec (2.8.0)
      rspec-core (~> 2.8.0)
      rspec-expectations (~> 2.8.0)
      rspec-mocks (~> 2.8.0)
    rspec-core (2.8.0)
    rspec-expectations (2.8.0)
      diff-lcs (~> 1.1.2)
    rspec-mocks (2.8.0)

PLATFORMS
  java

DEPENDENCIES
  fishwife!
  rjack-logback (~> 1.2)
  rjack-tarpit (~> 2.0)
  rspec (~> 2.8.0)
